PATH
  remote: .
  specs:
    softcover (1.10.8)
      activesupport (= 4.2.11.3)
      async_sinatra (= 1.1.0)
      base64 (= 0.2.0)
      coffee-script (= 2.4.1)
      curb (= 1.0.5)
      i18n (= 0.9.5)
      kramdown (= 2.4.0)
      listen (= 3.7.1)
      maruku (= 0.7.3)
      mutex_m (= 0.3.0)
      nokogiri (= 1.15.2)
      polytexnic (~> 1.10)
      pygments.rb (= 2.3.1)
      rest-client (= 2.1.0)
      ruby-progressbar (= 1.13.0)
      sanitize (= 6.0.1)
      sinatra (= 1.4.8)
      sinatra-respond_to (= 0.9.0)
      thin (= 1.8.2)
      thor (= 1.2.2)

GEM
  remote: https://rubygems.org/
  specs:
    activesupport (4.2.11.3)
      i18n (~> 0.7)
      minitest (~> 5.1)
      thread_safe (~> 0.3, >= 0.3.4)
      tzinfo (~> 1.1)
    addressable (2.8.7)
      public_suffix (>= 2.0.2, < 7.0)
    async_sinatra (1.1.0)
      rack (>= 1.4.1)
      sinatra (>= 1.3.2)
    base64 (0.2.0)
    bigdecimal (3.2.1)
    coderay (1.1.3)
    coffee-script (2.4.1)
      coffee-script-source
      execjs
    coffee-script-source (1.12.2)
    concurrent-ruby (1.3.5)
    crack (1.0.0)
      bigdecimal
      rexml
    crass (1.0.6)
    curb (1.0.5)
    daemons (1.4.1)
    diff-lcs (1.6.2)
    domain_name (0.6.20240107)
    eventmachine (1.2.7)
    execjs (2.10.0)
    ffi (1.17.2-arm64-darwin)
    ffi (1.17.2-x86_64-darwin)
    hashdiff (1.2.0)
    http-accept (1.7.0)
    http-cookie (1.0.8)
      domain_name (~> 0.5)
    i18n (0.9.5)
      concurrent-ruby (~> 1.0)
    json (2.7.2)
    kramdown (2.4.0)
      rexml
    listen (3.7.1)
      rb-fsevent (~> 0.10, >= 0.10.3)
      rb-inotify (~> 0.9, >= 0.9.10)
    logger (1.7.0)
    maruku (0.7.3)
    method_source (1.1.0)
    mime-types (3.7.0)
      logger
      mime-types-data (~> 3.2025, >= 3.2025.0507)
    mime-types-data (3.2025.0527)
    mini_portile2 (2.8.9)
    minitest (5.25.5)
    msgpack (1.7.2)
    mutex_m (0.3.0)
    netrc (0.11.0)
    nokogiri (1.15.2)
      mini_portile2 (~> 2.8.2)
      racc (~> 1.4)
    polytexnic (1.10.10)
      json (= 2.7.2)
      kramdown (= 2.4.0)
      msgpack (= 1.7.2)
      nokogiri (= 1.15.2)
      pygments.rb (~> 2.3.1)
    pry (0.15.2)
      coderay (~> 1.1)
      method_source (~> 1.0)
    public_suffix (6.0.2)
    pygments.rb (2.3.1)
    racc (1.8.1)
    rack (1.6.13)
    rack-protection (1.5.5)
      rack
    rack-test (2.2.0)
      rack (>= 1.3)
    rake (13.3.0)
    rb-fsevent (0.11.2)
    rb-inotify (0.11.1)
      ffi (~> 1.0)
    rest-client (2.1.0)
      http-accept (>= 1.7.0, < 2.0)
      http-cookie (>= 1.0.2, < 2.0)
      mime-types (>= 1.16, < 4.0)
      netrc (~> 0.8)
    rexml (3.4.1)
    rspec (3.13.0)
      rspec-core (~> 3.13.0)
      rspec-expectations (~> 3.13.0)
      rspec-mocks (~> 3.13.0)
    rspec-core (3.13.4)
      rspec-support (~> 3.13.0)
    rspec-expectations (3.13.5)
      diff-lcs (>= 1.2.0, < 2.0)
      rspec-support (~> 3.13.0)
    rspec-its (2.0.0)
      rspec-core (>= 3.13.0)
      rspec-expectations (>= 3.13.0)
    rspec-mocks (3.13.5)
      diff-lcs (>= 1.2.0, < 2.0)
      rspec-support (~> 3.13.0)
    rspec-support (3.13.4)
    ruby-prof (1.7.2)
      base64
    ruby-progressbar (1.13.0)
    safe_yaml (1.0.4)
    sanitize (6.0.1)
      crass (~> 1.0.2)
      nokogiri (>= 1.12.0)
    sinatra (1.4.8)
      rack (~> 1.5)
      rack-protection (~> 1.4)
      tilt (>= 1.3, < 3)
    sinatra-respond_to (0.9.0)
      sinatra (~> 1.3)
    thin (1.8.2)
      daemons (~> 1.0, >= 1.0.9)
      eventmachine (~> 1.0, >= 1.0.4)
      rack (>= 1, < 3)
    thor (1.2.2)
    thread_safe (0.3.6)
    tilt (2.6.0)
    tzinfo (1.2.11)
      thread_safe (~> 0.1)
    webmock (3.25.1)
      addressable (>= 2.8.0)
      crack (>= 0.3.2)
      hashdiff (>= 0.4.0, < 2.0.0)

PLATFORMS
  arm64-darwin-21
  arm64-darwin-22
  arm64-darwin-24
  x86_64-darwin-19
  x86_64-darwin-21

DEPENDENCIES
  pry
  rack-test
  rake
  rspec (= 3.13.0)
  rspec-its (~> 2.0)
  ruby-prof
  safe_yaml (= 1.0.4)
  softcover!
  webmock (~> 3)

BUNDLED WITH
   2.4.18
